GEM
  remote: https://rubygems.org/
  specs:
    power_assert (1.0.2)
    test-unit (3.2.5)
      power_assert

PLATFORMS
  ruby

DEPENDENCIES
  test-unit

BUNDLED WITH
   1.15.3
